PATH
  remote: .
  specs:
    imgix (4.0.3)

GEM
  remote: https://rubygems.org/
  specs:
    addressable (2.8.0)
      public_suffix (>= 2.0.2, < 5.0)
    ansi (1.5.0)
    benchmark-ips (2.9.2)
    builder (3.2.4)
    crack (0.4.5)
      rexml
    hashdiff (1.0.1)
    json (2.6.1)
    minitest (5.15.0)
    minitest-reporters (1.4.3)
      ansi
      builder
      minitest (>= 5.0)
      ruby-progressbar
    public_suffix (4.0.6)
    rake (13.0.6)
    rexml (3.2.5)
    ruby-progressbar (1.11.0)
    webmock (3.14.0)
      addressable (>= 2.8.0)
      crack (>= 0.3.2)
      hashdiff (>= 0.4.0, < 2.0.0)

PLATFORMS
  x86_64-darwin-20

DEPENDENCIES
  benchmark-ips
  imgix!
  json
  minitest
  minitest-reporters
  rake
  webmock

BUNDLED WITH
   2.3.3
